GIT
  remote: git://github.com/rnubel/reactive.git
  revision: e5922ae2e11243d41ce16497d5e9968e0460654b
  specs:
    reactiveai (0.0.1)

GEM
  specs:
    diff-lcs (1.1.3)
    highline (1.6.8)
    metaclass (0.0.1)
    mocha (0.10.0)
      metaclass (~> 0.0.1)
    rspec (2.7.0)
      rspec-core (~> 2.7.0)
      rspec-expectations (~> 2.7.0)
      rspec-mocks (~> 2.7.0)
    rspec-core (2.7.1)
    rspec-expectations (2.7.0)
      diff-lcs (~> 1.1.2)
    rspec-mocks (2.7.0)

PLATFORMS
  ruby

DEPENDENCIES
  highline
  mocha
  reactiveai!
  rspec
